GEM
  remote: https://rubygems.org/
  specs:
    aws-sdk (2.6.30)
      aws-sdk-resources (= 2.6.30)
    aws-sdk-core (2.6.30)
      aws-sigv4 (~> 1.0)
      jmespath (~> 1.0)
    aws-sdk-resources (2.6.30)
      aws-sdk-core (= 2.6.30)
    aws-sigv4 (1.0.0)
    jmespath (1.3.1)
    open4 (1.3.4)
    thor (0.19.4)
    vara (0.24.0)
      aws-sdk (~> 2)
      open4
      thor

PLATFORMS
  ruby

DEPENDENCIES
  vara

BUNDLED WITH
   1.13.2
